GEM
  remote: https://rubygems.org/
  specs:
    apigatewayv2_rack (0.1.1)
      rack
    faraday (2.6.0)
      faraday-net_http (>= 2.0, < 3.1)
      ruby2_keywords (>= 0.0.4)
    faraday-net_http (3.0.1)
    hashie (5.0.0)
    jwt (2.5.0)
    multi_xml (0.6.0)
    nginx_omniauth_adapter (1.0.0)
      omniauth
      sinatra
    oauth2 (2.0.9)
      faraday (>= 0.17.3, < 3.0)
      jwt (>= 1.0, < 3.0)
      multi_xml (~> 0.5)
      rack (>= 1.2, < 4)
      snaky_hash (~> 2.0)
      version_gem (~> 1.1)
    omniauth (2.1.1)
      hashie (>= 3.4.6)
      rack (>= 2.2.3)
      rack-protection
    omniauth-github (2.0.1)
      omniauth (~> 2.0)
      omniauth-oauth2 (~> 1.8)
    omniauth-oauth2 (1.8.0)
      oauth2 (>= 1.4, < 3)
      omniauth (~> 2.0)
    rack (3.0.4.2)
    rack-protection (3.0.2)
      rack
    rack-ssl-enforcer (0.2.9)
    ruby2_keywords (0.0.5)
    sinatra (1.0)
      rack (>= 1.0)
    snaky_hash (2.0.1)
      hashie
      version_gem (~> 1.1, >= 1.1.1)
    version_gem (1.1.1)

PLATFORMS
  ruby

DEPENDENCIES
  apigatewayv2_rack
  nginx_omniauth_adapter
  omniauth
  omniauth-github
  rack-ssl-enforcer

RUBY VERSION
   ruby 2.7.6p219

BUNDLED WITH
   2.3.22
